GEM
  remote: http://rubygems.org/
  specs:
    net-sftp (2.0.5)
      net-ssh (>= 2.0.9)
    net-ssh (2.2.1)

PLATFORMS
  ruby

DEPENDENCIES
  net-sftp (= 2.0.5)
  net-ssh (= 2.2.1)
